GEM
  remote: http://rubygems.org/
  specs:
    daemons (1.1.8)
    eventmachine (0.12.10)
    nokogiri (1.5.4)
    rack (1.4.1)
    rack-protection (1.2.0)
      rack
    rmagick (2.13.1)
    sinatra (1.3.2)
      rack (~> 1.3, >= 1.3.6)
      rack-protection (~> 1.2)
      tilt (~> 1.3, >= 1.3.3)
    thin (1.3.1)
      daemons (>= 1.0.9)
      eventmachine (>= 0.12.6)
      rack (>= 1.0.0)
    tilt (1.3.3)

PLATFORMS
  ruby

DEPENDENCIES
  nokogiri (= 1.5.4)
  rmagick (= 2.13.1)
  sinatra (= 1.3.2)
  thin (= 1.3.1)
